PATH
  remote: .
  specs:
    dokku-ruby (0.1.0)

GEM
  remote: https://rubygems.org/
  specs:
    bcrypt_pbkdf (1.0.1)
    coderay (1.1.3)
    diff-lcs (1.4.4)
    ed25519 (1.2.4)
    method_source (1.0.0)
    net-scp (3.0.0)
      net-ssh (>= 2.6.5, < 7.0.0)
    net-ssh (6.1.0)
    pry (0.13.1)
      coderay (~> 1.1)
      method_source (~> 1.0)
    rake (12.3.3)
    rspec (3.9.0)
      rspec-core (~> 3.9.0)
      rspec-expectations (~> 3.9.0)
      rspec-mocks (~> 3.9.0)
    rspec-core (3.9.2)
      rspec-support (~> 3.9.3)
    rspec-expectations (3.9.2)
      diff-lcs (>= 1.2.0, < 2.0)
      rspec-support (~> 3.9.0)
    rspec-mocks (3.9.1)
      diff-lcs (>= 1.2.0, < 2.0)
      rspec-support (~> 3.9.0)
    rspec-support (3.9.3)
    sshkit (1.21.0)
      net-scp (>= 1.1.2)
      net-ssh (>= 2.8.0)

PLATFORMS
  ruby

DEPENDENCIES
  bcrypt_pbkdf (~> 1.0.1)
  dokku-ruby!
  ed25519 (~> 1.2.4)
  pry
  rake (~> 12.0)
  rspec (~> 3.9)
  sshkit (~> 1.21.0)

BUNDLED WITH
   2.1.2
